GEM
  remote: https://rubygems.org/
  specs:
    aws-sdk (2.5.5)
      aws-sdk-resources (= 2.5.5)
    aws-sdk-core (2.5.5)
      jmespath (~> 1.0)
    aws-sdk-resources (2.5.5)
      aws-sdk-core (= 2.5.5)
    cog-rb (0.3.0)
      rake (~> 11.2)
    jmespath (1.3.1)
    rake (11.2.2)

PLATFORMS
  ruby

DEPENDENCIES
  aws-sdk (~> 2.5)
  cog-rb (~> 0.3.0)

BUNDLED WITH
   1.12.5
